GEM
  remote: https://rubygems.org/
  specs:
    chronic (0.10.2)
    httparty (0.13.7)
      json (~> 1.8)
      multi_xml (>= 0.5.2)
    json (1.8.3)
    multi_xml (0.5.5)
    rack (1.6.4)
    rack-protection (1.5.3)
      rack
    sinatra (1.4.7)
      rack (~> 1.5)
      rack-protection (~> 1.4)
      tilt (>= 1.3, < 3)
    tilt (2.0.2)

PLATFORMS
  ruby

DEPENDENCIES
  chronic
  httparty
  json
  sinatra (~> 1.4, >= 1.4.7)

BUNDLED WITH
   1.12.2
